GEM
  remote: https://rubygems.org/
  specs:
    nokogiri (1.11.2-arm64-darwin)
      racc (~> 1.4)
    nokogiri (1.11.2-x86_64-darwin)
      racc (~> 1.4)
    racc (1.5.2)

PLATFORMS
  arm64-darwin-21
  x86_64-darwin-18

DEPENDENCIES
  nokogiri (~> 1.11)

BUNDLED WITH
   2.4.17
